GEM
  remote: https://rubygems.org/
  specs:
    activesupport (3.2.17)
      i18n (~> 0.6, >= 0.6.4)
      multi_json (~> 1.0)
    claide (0.5.0)
    cocoapods (0.31.1)
      activesupport (>= 3.2.15, < 4)
      claide (~> 0.5.0)
      cocoapods-core (= 0.31.1)
      cocoapods-downloader (~> 0.4.1)
      cocoapods-try (~> 0.2.0)
      colored (~> 1.2)
      escape (~> 0.0.4)
      json_pure (~> 1.8)
      nap (~> 0.5)
      open4 (~> 1.3)
      xcodeproj (~> 0.16.0)
    cocoapods-core (0.31.1)
      activesupport (>= 3.2.15, < 4)
      fuzzy_match (~> 2.0.4)
      json_pure (~> 1.8)
      nap (~> 0.5)
    cocoapods-downloader (0.4.1)
    cocoapods-try (0.2.0)
    colored (1.2)
    escape (0.0.4)
    fuzzy_match (2.0.4)
    i18n (0.6.9)
    json_pure (1.8.1)
    multi_json (1.9.2)
    nap (0.7.0)
    open4 (1.3.3)
    xcodeproj (0.16.0)
      activesupport (~> 3.0)
      colored (~> 1.2)
    xcpretty (0.1.5)

PLATFORMS
  ruby

DEPENDENCIES
  cocoapods (~> 0.31.1)
  xcpretty (~> 0.1.5)
